GEM
  remote: https://rubygems.org/
  specs:
    bencode (0.8.0)
    nokogiri (1.5.9)
    thepiratebay (0.2.0)
      nokogiri

PLATFORMS
  ruby

DEPENDENCIES
  bencode
  nokogiri
  thepiratebay
